PATH
  remote: .
  specs:
    geniverse_portal_integration (0.0.8)
      haml (~> 4.0)
      json (~> 1.8.6)
      rails (= 4.2.11.17)

GEM
  remote: http://rubygems.org/
  remote: https://gems.railslts.com/
  specs:
    actionmailer (4.2.11.17)
      actionpack (= 4.2.11.17)
      actionview (= 4.2.11.17)
      activejob (= 4.2.11.17)
      mail (~> 2.5, >= 2.5.4)
      rails-dom-testing (~> 1.0, >= 1.0.5)
    actionpack (4.2.11.17)
      actionview (= 4.2.11.17)
      activesupport (= 4.2.11.17)
      rack (~> 1.6)
      rack-test (~> 0.6.2)
      rails-dom-testing (~> 1.0, >= 1.0.5)
      rails-html-sanitizer (~> 1.0, >= 1.0.2)
    actionview (4.2.11.17)
      activesupport (= 4.2.11.17)
      builder (~> 3.1)
      erubis (~> 2.7.0)
      rails-dom-testing (~> 1.0, >= 1.0.5)
      rails-html-sanitizer (~> 1.0, >= 1.0.3)
    activejob (4.2.11.17)
      activesupport (= 4.2.11.17)
      globalid (>= 0.3.0)
    activemodel (4.2.11.17)
      activesupport (= 4.2.11.17)
      builder (~> 3.1)
    activerecord (4.2.11.17)
      activemodel (= 4.2.11.17)
      activesupport (= 4.2.11.17)
      arel (~> 6.0)
    activesupport (4.2.11.17)
      i18n (~> 0.7)
      minitest (~> 5.1)
      thread_safe (~> 0.3, >= 0.3.4)
      tzinfo (~> 1.1)
    arel (6.0.4)
    builder (3.2.4)
    ci_reporter (1.7.3)
      builder (>= 2.1.2)
    concurrent-ruby (1.1.7)
    crass (1.0.6)
    diff-lcs (1.1.3)
    erubis (2.7.0)
    fakeweb (1.3.0)
    globalid (0.4.2)
      activesupport (>= 4.2.0)
    haml (4.0.7)
      tilt
    i18n (0.9.5)
      concurrent-ruby (~> 1.0)
    jquery-rails (3.1.2)
      railties (>= 3.0, < 5.0)
      thor (>= 0.14, < 2.0)
    json (1.8.6)
    loofah (2.7.0)
      crass (~> 1.0.2)
      nokogiri (>= 1.5.9)
    mail (2.7.1)
      mini_mime (>= 0.1.1)
    mini_mime (1.0.2)
    mini_portile2 (2.4.0)
    minitest (5.14.2)
    nokogiri (1.10.10)
      mini_portile2 (~> 2.4.0)
    rack (1.6.13)
    rack-test (0.6.3)
      rack (>= 1.0)
    rails (4.2.11.17)
      actionmailer (= 4.2.11.17)
      actionpack (= 4.2.11.17)
      actionview (= 4.2.11.17)
      activejob (= 4.2.11.17)
      activemodel (= 4.2.11.17)
      activerecord (= 4.2.11.17)
      activesupport (= 4.2.11.17)
      bundler (>= 1.3.0, < 2.0)
      railslts-version (= 4.2.11.17)
      railties (= 4.2.11.17)
      sprockets-rails
    rails-deprecated_sanitizer (1.0.3)
      activesupport (>= 4.2.0.alpha)
    rails-dom-testing (1.0.9)
      activesupport (>= 4.2.0, < 5.0)
      nokogiri (~> 1.6)
      rails-deprecated_sanitizer (>= 1.0.1)
    rails-html-sanitizer (1.3.0)
      loofah (~> 2.3)
    railslts-version (4.2.11.17)
    railties (4.2.11.17)
      actionpack (= 4.2.11.17)
      activesupport (= 4.2.11.17)
      rake (>= 0.8.7)
      thor (>= 0.18.1, < 2.0)
    rake (13.0.1)
    rspec (2.12.0)
      rspec-core (~> 2.12.0)
      rspec-expectations (~> 2.12.0)
      rspec-mocks (~> 2.12.0)
    rspec-core (2.12.2)
    rspec-expectations (2.12.1)
      diff-lcs (~> 1.1.3)
    rspec-mocks (2.12.2)
    rspec-rails (2.12.2)
      actionpack (>= 3.0)
      activesupport (>= 3.0)
      railties (>= 3.0)
      rspec-core (~> 2.12.0)
      rspec-expectations (~> 2.12.0)
      rspec-mocks (~> 2.12.0)
    sprockets (3.7.2)
      concurrent-ruby (~> 1.0)
      rack (> 1, < 3)
    sprockets-rails (3.2.2)
      actionpack (>= 4.0)
      activesupport (>= 4.0)
      sprockets (>= 3.0.0)
    sqlite3 (1.3.10)
    thor (1.0.1)
    thread_safe (0.3.6)
    tilt (2.0.10)
    tzinfo (1.2.8)
      thread_safe (~> 0.1)

PLATFORMS
  ruby

DEPENDENCIES
  ci_reporter (~> 1.7.0)
  fakeweb (~> 1.3.0)
  geniverse_portal_integration!
  jquery-rails
  rspec (~> 2.12.0)
  rspec-rails (~> 2.12.1)
  sqlite3

BUNDLED WITH
   1.17.3
